GEM
  remote: http://rubygems.org/
  specs:
    addressable (2.2.6)
    configuration (1.2.0)
    diff-lcs (1.1.2)
    em-http-request (0.3.0)
      addressable (>= 2.0.0)
      escape_utils
      eventmachine (>= 0.12.9)
    escape_utils (0.2.3)
    eventmachine (0.12.10)
    firering (1.1.0)
      em-http-request (~> 0.3.0)
      eventmachine (~> 0.12.10)
      yajl-ruby (~> 0.7.6)
    heroku (2.2.4)
      launchy (>= 0.3.2)
      rest-client (~> 1.6.1)
      term-ansicolor (~> 1.0.5)
    json (1.5.1)
    launchy (0.4.0)
      configuration (>= 0.0.5)
      rake (>= 0.8.1)
    mime-types (1.16)
    nokogiri (1.4.4)
    rake (0.9.2)
    rest-client (1.6.3)
      mime-types (>= 1.16)
    rspec (2.6.0)
      rspec-core (~> 2.6.0)
      rspec-expectations (~> 2.6.0)
      rspec-mocks (~> 2.6.0)
    rspec-core (2.6.4)
    rspec-expectations (2.6.0)
      diff-lcs (~> 1.1.2)
    rspec-mocks (2.6.0)
    term-ansicolor (1.0.5)
    yajl-ruby (0.7.9)

PLATFORMS
  ruby

DEPENDENCIES
  em-http-request
  eventmachine
  firering
  heroku
  json
  nokogiri
  rake
  rspec (>= 2.0)
